GEM
  remote: https://rubygems.org/
  specs:
    chipmunk (6.1.3.1)
    gosu (0.7.50)

PLATFORMS
  ruby

DEPENDENCIES
  chipmunk
  gosu
